GEM
  remote: https://rubygems.org/
  specs:
    actionmailer (3.2.18)
      actionpack (= 3.2.18)
      mail (~> 2.5.4)
    actionpack (3.2.18)
      activemodel (= 3.2.18)
      activesupport (= 3.2.18)
      builder (~> 3.0.0)
      erubis (~> 2.7.0)
      journey (~> 1.0.4)
      rack (~> 1.4.5)
      rack-cache (~> 1.2)
      rack-test (~> 0.6.1)
      sprockets (~> 2.2.1)
    activemodel (3.2.18)
      activesupport (= 3.2.18)
      builder (~> 3.0.0)
    activerecord (3.2.18)
      activemodel (= 3.2.18)
      activesupport (= 3.2.18)
      arel (~> 3.0.2)
      tzinfo (~> 0.3.29)
    activeresource (3.2.18)
      activemodel (= 3.2.18)
      activesupport (= 3.2.18)
    activesupport (3.2.18)
      i18n (~> 0.6, >= 0.6.4)
      multi_json (~> 1.0)
    animate-rails (1.0.7)
      rails
    arel (3.0.3)
    bootstrap-sass (2.3.2.2)
      sass (~> 3.2)
    bootstrap-x-editable-rails (1.5.0)
      railties (>= 3.0)
    builder (3.0.4)
    capybara (2.2.1)
      mime-types (>= 1.16)
      nokogiri (>= 1.3.3)
      rack (>= 1.0.0)
      rack-test (>= 0.5.4)
      xpath (~> 2.0)
    childprocess (0.5.3)
      ffi (~> 1.0, >= 1.0.11)
    ci_reporter (2.0.0)
      builder (>= 2.1.2)
    cliver (0.3.2)
    coffee-rails (3.2.2)
      coffee-script (>= 2.2.0)
      railties (~> 3.2.0)
    coffee-script (2.3.0)
      coffee-script-source
      execjs
    coffee-script-source (1.8.0)
    colorize (0.7.3)
    database_cleaner (1.3.0)
    diff-lcs (1.2.5)
    docile (1.1.5)
    erubis (2.7.0)
    execjs (2.2.1)
    factory_girl (4.4.0)
      activesupport (>= 3.0.0)
    factory_girl_rails (4.4.1)
      factory_girl (~> 4.4.0)
      railties (>= 3.0.0)
    faker (1.4.3)
      i18n (~> 0.5)
    ffi (1.9.3)
    haml (4.0.5)
      tilt
    haml-rails (0.4)
      actionpack (>= 3.1, < 4.1)
      activesupport (>= 3.1, < 4.1)
      haml (>= 3.1, < 4.1)
      railties (>= 3.1, < 4.1)
    headless (1.0.2)
    hike (1.2.3)
    i18n (0.6.11)
    journey (1.0.4)
    jquery-rails (3.1.2)
      railties (>= 3.0, < 5.0)
      thor (>= 0.14, < 2.0)
    jquery-ui-rails (4.0.5)
      railties (>= 3.1.0)
    json (1.8.1)
    kgio (2.9.2)
    libv8 (3.16.14.3)
    mail (2.5.4)
      mime-types (~> 1.16)
      treetop (~> 1.4.8)
    mime-types (1.25.1)
    mini_portile (0.6.0)
    multi_json (1.10.1)
    nokogiri (1.6.3.1)
      mini_portile (= 0.6.0)
    pg (0.17.1)
    poltergeist (1.5.1)
      capybara (~> 2.1)
      cliver (~> 0.3.1)
      multi_json (~> 1.0)
      websocket-driver (>= 0.2.0)
    polyglot (0.3.5)
    rack (1.4.5)
    rack-cache (1.2)
      rack (>= 0.4)
    rack-ssl (1.3.4)
      rack
    rack-test (0.6.2)
      rack (>= 1.0)
    rails (3.2.18)
      actionmailer (= 3.2.18)
      actionpack (= 3.2.18)
      activerecord (= 3.2.18)
      activeresource (= 3.2.18)
      activesupport (= 3.2.18)
      bundler (~> 1.0)
      railties (= 3.2.18)
    rails_12factor (0.0.2)
      rails_serve_static_assets
      rails_stdout_logging
    rails_serve_static_assets (0.0.2)
    rails_stdout_logging (0.0.3)
    railties (3.2.18)
      actionpack (= 3.2.18)
      activesupport (= 3.2.18)
      rack-ssl (~> 1.3.2)
      rake (>= 0.8.7)
      rdoc (~> 3.4)
      thor (>= 0.14.6, < 2.0)
    raindrops (0.13.0)
    rake (10.3.2)
    rdoc (3.12.2)
      json (~> 1.4)
    ref (1.0.5)
    rspec (2.99.0)
      rspec-core (~> 2.99.0)
      rspec-expectations (~> 2.99.0)
      rspec-mocks (~> 2.99.0)
    rspec-collection_matchers (1.0.0)
      rspec-expectations (>= 2.99.0.beta1)
    rspec-core (2.99.2)
    rspec-expectations (2.99.2)
      diff-lcs (>= 1.1.3, < 2.0)
    rspec-instafail (0.2.5)
      rspec
    rspec-mocks (2.99.2)
    rspec-rails (2.99.0)
      actionpack (>= 3.0)
      activemodel (>= 3.0)
      activesupport (>= 3.0)
      railties (>= 3.0)
      rspec-collection_matchers
      rspec-core (~> 2.99.0)
      rspec-expectations (~> 2.99.0)
      rspec-mocks (~> 2.99.0)
    rubyzip (1.1.6)
    sass (3.2.13)
    sass-rails (3.2.6)
      railties (~> 3.2.0)
      sass (>= 3.1.10)
      tilt (~> 1.3)
    selenium-webdriver (2.42.0)
      childprocess (>= 0.5.0)
      multi_json (~> 1.0)
      rubyzip (~> 1.0)
      websocket (~> 1.0.4)
    simplecov (0.9.0)
      docile (~> 1.1.0)
      multi_json
      simplecov-html (~> 0.8.0)
    simplecov-html (0.8.0)
    simplecov-rcov (0.2.3)
      simplecov (>= 0.4.1)
    sprockets (2.2.2)
      hike (~> 1.2)
      multi_json (~> 1.0)
      rack (~> 1.0)
      tilt (~> 1.1, != 1.3.0)
    therubyracer (0.12.1)
      libv8 (~> 3.16.14.0)
      ref
    thor (0.19.1)
    tilt (1.4.1)
    treetop (1.4.15)
      polyglot
      polyglot (>= 0.3.1)
    turbo-sprockets-rails3 (0.3.14)
      railties (> 3.2.8, < 4.0.0)
      sprockets (>= 2.2.0)
    tzinfo (0.3.41)
    uglifier (2.5.3)
      execjs (>= 0.3.0)
      json (>= 1.8.0)
    underscore-rails (1.7.0)
    unicorn (4.8.3)
      kgio (~> 2.6)
      rack
      raindrops (~> 0.7)
    websocket (1.0.7)
    websocket-driver (0.3.4)
    xpath (2.0.0)
      nokogiri (~> 1.3)
    yui-compressor (0.12.0)

PLATFORMS
  ruby

DEPENDENCIES
  animate-rails
  bootstrap-sass (~> 2.3)
  bootstrap-x-editable-rails (= 1.5.0)
  capybara (= 2.2.1)
  ci_reporter
  coffee-rails (~> 3.2.1)
  coffee-script
  colorize
  database_cleaner
  factory_girl_rails
  faker
  haml-rails
  headless
  jquery-rails
  jquery-ui-rails (~> 4.0.0)
  pg
  poltergeist
  rails (= 3.2.18)
  rails_12factor
  rspec-instafail
  rspec-rails (~> 2.0)
  sass (= 3.2.13)
  sass-rails (~> 3.2.3)
  selenium-webdriver
  simplecov
  simplecov-rcov
  therubyracer
  turbo-sprockets-rails3
  uglifier (>= 1.0.3)
  underscore-rails
  unicorn
  yui-compressor
